GEM
  remote: http://rubygems.org/
  specs:
    foreman (0.60.2)
      thor (>= 0.13.6)
    rack (1.4.1)
    rack-reverse-proxy (0.4.4)
      rack (>= 1.0.0)
    thor (0.16.0)

PLATFORMS
  ruby

DEPENDENCIES
  foreman
  rack-reverse-proxy
